GIT
  remote: git://github.com/timonk/recaptcha.git
  revision: ddb5eb80412fc227d6e0db5e737a3a74e225d47b
  specs:
    recaptcha (0.3.1)

GEM
  remote: http://rubygems.org/
  specs:
    abstract (1.0.0)
    actionmailer (3.0.4)
      actionpack (= 3.0.4)
      mail (~> 2.2.15)
    actionpack (3.0.4)
      activemodel (= 3.0.4)
      activesupport (= 3.0.4)
      builder (~> 2.1.2)
      erubis (~> 2.6.6)
      i18n (~> 0.4)
      rack (~> 1.2.1)
      rack-mount (~> 0.6.13)
      rack-test (~> 0.5.7)
      tzinfo (~> 0.3.23)
    activemodel (3.0.4)
      activesupport (= 3.0.4)
      builder (~> 2.1.2)
      i18n (~> 0.4)
    activerecord (3.0.4)
      activemodel (= 3.0.4)
      activesupport (= 3.0.4)
      arel (~> 2.0.2)
      tzinfo (~> 0.3.23)
    activeresource (3.0.4)
      activemodel (= 3.0.4)
      activesupport (= 3.0.4)
    activesupport (3.0.4)
    amazon-ec2 (0.9.17)
      xml-simple (>= 1.0.12)
    arel (2.0.9)
    authlogic (2.1.6)
      activesupport
    aws-s3 (0.6.2)
      builder
      mime-types
      xml-simple
    bcrypt-ruby (2.1.4)
    builder (2.1.2)
    capistrano (2.5.21)
      highline
      net-scp (>= 1.0.0)
      net-sftp (>= 2.0.0)
      net-ssh (>= 2.0.14)
      net-ssh-gateway (>= 1.0.0)
    erubis (2.6.6)
      abstract (>= 1.0.0)
    haml (3.0.25)
    highline (1.6.1)
    httpclient (2.2.0.1)
    i18n (0.5.0)
    jquery-rails (0.2.7)
      rails (~> 3.0)
      thor (~> 0.14.4)
    mail (2.2.17)
      activesupport (>= 2.3.6)
      i18n (>= 0.4.0)
      mime-types (~> 1.16)
      treetop (~> 1.4.8)
    mime-types (1.16)
    mumboe-soap4r (1.5.8.3)
      httpclient (>= 2.1.1)
    mysql2 (0.2.7)
    net-scp (1.0.4)
      net-ssh (>= 1.99.1)
    net-sftp (2.0.5)
      net-ssh (>= 2.0.9)
    net-ssh (2.1.4)
    net-ssh-gateway (1.0.1)
      net-ssh (>= 1.99.1)
    nettica (0.4.0)
      mumboe-soap4r
    nokogiri (1.4.4)
    paperclip (2.3.11)
      activerecord (>= 2.3.0)
      activesupport (>= 2.3.2)
    polyglot (0.3.1)
    rack (1.2.2)
    rack-mount (0.6.14)
      rack (>= 1.0.0)
    rack-test (0.5.7)
      rack (>= 1.0)
    rails (3.0.4)
      actionmailer (= 3.0.4)
      actionpack (= 3.0.4)
      activerecord (= 3.0.4)
      activeresource (= 3.0.4)
      activesupport (= 3.0.4)
      bundler (~> 1.0)
      railties (= 3.0.4)
    railties (3.0.4)
      actionpack (= 3.0.4)
      activesupport (= 3.0.4)
      rake (>= 0.8.7)
      thor (~> 0.14.4)
    rake (0.8.7)
    riddle (1.2.2)
    rubber (1.13.0)
      amazon-ec2 (>= 0.9.17)
      aws-s3
      capistrano (>= 2.4.0)
      nettica
    sanitize (2.0.1)
      nokogiri (~> 1.4.4)
    thinking-sphinx (2.0.3)
      activerecord (>= 3.0.3)
      riddle (>= 1.2.2)
    thor (0.14.6)
    treetop (1.4.9)
      polyglot (>= 0.3.1)
    ts-datetime-delta (1.0.2)
      thinking-sphinx (>= 1.3.8)
    tzinfo (0.3.26)
    will_paginate (3.0.pre2)
    xml-simple (1.0.15)
    yajl-ruby (0.8.2)

PLATFORMS
  ruby

DEPENDENCIES
  authlogic
  bcrypt-ruby
  capistrano
  haml
  jquery-rails
  mysql2
  paperclip
  rails (= 3.0.4)
  rake
  recaptcha!
  rubber
  sanitize
  thinking-sphinx
  ts-datetime-delta
  will_paginate (~> 3.0.pre2)
  yajl-ruby
